GEM
  remote: https://rubygems.org/
  specs:
    chunky_png (1.2.6)
    compass (0.12.2)
      chunky_png (~> 1.2)
      fssm (>= 0.2.7)
      sass (~> 3.1)
    fssm (0.2.9)
    haml (3.1.7)
    keydown (0.9.2)
      compass
      haml
      rdiscount (>= 1.6.8)
      sass
      thor
      tilt
    rack (1.4.1)
    rdiscount (1.6.8)
    sass (3.1.20)
    thor (0.16.0)
    tilt (1.3.3)

PLATFORMS
  ruby

DEPENDENCIES
  keydown
  rack
